GEM
  remote: https://rubygems.org/
  specs:
    bitclust-core (1.3.0)
      progressbar (>= 1.9.0, < 2.0)
      rack
      webrick
    bitclust-dev (1.3.0)
      bitclust-core (= 1.3.0)
    progressbar (1.11.0)
    rack (2.2.3)
    refe2 (1.3.0)
      bitclust-core (= 1.3.0)
    webrick (1.7.0)

PLATFORMS
  x86_64-linux

DEPENDENCIES
  bitclust-core
  bitclust-dev
  refe2

BUNDLED WITH
   2.2.22
